GEM
  remote: http://rubygems.org/
  specs:
    backports (2.6.4)
    json_pure (1.7.5)
    monkey-lib (0.5.4)
      backports
    rack (1.1.0)
    sinatra (1.2.8)
      rack (~> 1.1)
      tilt (>= 1.2.2, < 2.0)
    sinatra-advanced-routes (0.5.1)
      monkey-lib (~> 0.5.0)
      sinatra (~> 1.0)
      sinatra-sugar (~> 0.5.0)
    sinatra-reloader (0.5.0)
      sinatra (~> 1.0)
      sinatra-advanced-routes (~> 0.5.0)
    sinatra-sugar (0.5.1)
      monkey-lib (~> 0.5.0)
      sinatra (~> 1.0)
    tilt (1.3.3)

PLATFORMS
  ruby

DEPENDENCIES
  json_pure
  rack (= 1.1)
  sinatra
  sinatra-reloader
